PATH
  remote: .
  specs:
    vj (1.0.1)
      oj
      optix
      paint

GEM
  remote: https://rubygems.org/
  specs:
    ast (2.3.0)
    bump (0.5.3)
    bundler-audit (0.6.0)
      bundler (~> 1.2)
      thor (~> 0.18)
    chronic (0.10.2)
    oj (3.3.9)
    optix (1.2.5)
      chronic
    paint (2.0.1)
    parallel (1.12.1)
    parser (2.4.0.2)
      ast (~> 2.3)
    powerpack (0.1.1)
    rainbow (3.0.0)
    rake (10.5.0)
    rubocop (0.52.0)
      parallel (~> 1.10)
      parser (>= 2.4.0.2, < 3.0)
      powerpack (~> 0.1)
      rainbow (>= 2.2.2, < 4.0)
      ruby-progressbar (~> 1.7)
      unicode-display_width (~> 1.0, >= 1.0.1)
    ruby-progressbar (1.9.0)
    thor (0.20.0)
    unicode-display_width (1.3.0)

PLATFORMS
  ruby

DEPENDENCIES
  bump
  bundler (~> 1.16)
  bundler-audit
  rake (~> 10.0)
  rubocop
  vj!

BUNDLED WITH
   1.16.0
